GEM
  remote: http://rubygems.org/
  specs:
    activemodel (3.1.0)
      activesupport (= 3.1.0)
      bcrypt-ruby (~> 3.0.0)
      builder (~> 3.0.0)
      i18n (~> 0.6)
    activerecord (3.1.0)
      activemodel (= 3.1.0)
      activesupport (= 3.1.0)
      arel (~> 2.2.1)
      tzinfo (~> 0.3.29)
    activesupport (3.1.0)
      multi_json (~> 1.0)
    arel (2.2.3)
    bcrypt-ruby (3.0.1)
    builder (3.0.0)
    diff-lcs (1.1.3)
    i18n (0.6.0)
    multi_json (1.3.2)
    rake (0.8.7)
    rspec (2.9.0)
      rspec-core (~> 2.9.0)
      rspec-expectations (~> 2.9.0)
      rspec-mocks (~> 2.9.0)
    rspec-core (2.9.0)
    rspec-expectations (2.9.1)
      diff-lcs (~> 1.1.3)
    rspec-mocks (2.9.0)
    tzinfo (0.3.61)

PLATFORMS
  ruby

DEPENDENCIES
  activemodel (= 3.1.0)
  activerecord (= 3.1.0)
  activesupport (= 3.1.0)
  rake
  rspec
